PATH
  remote: .
  specs:
    ractive-rails (0.3.0)
      execjs (>= 2.0.2)
      sprockets (>= 2.0, < 4)
      tilt (>= 1.4.1)

GEM
  remote: https://rubygems.org/
  specs:
    concurrent-ruby (1.1.8)
    execjs (2.7.0)
    rack (2.2.3)
    sprockets (3.7.2)
      concurrent-ruby (~> 1.0)
      rack (> 1, < 3)
    tilt (2.0.10)

PLATFORMS
  ruby

DEPENDENCIES
  ractive-rails!

BUNDLED WITH
   2.1.4
