PATH
  remote: .
  specs:
    ractive-rails (0.0.1)
      execjs (>= 2.0.2)
      sprockets (>= 2.0)
      tilt (>= 1.4.1)

GEM
  remote: https://rubygems.org/
  specs:
    concurrent-ruby (1.0.2)
    execjs (2.7.0)
    rack (2.0.1)
    sprockets (3.7.0)
      concurrent-ruby (~> 1.0)
      rack (> 1, < 3)
    tilt (2.0.5)

PLATFORMS
  ruby

DEPENDENCIES
  ractive-rails!

BUNDLED WITH
   1.12.5
